RESTRICTION: >= net461
NUGET
  remote: https://www.nuget.org/api/v2
    FAKE (4.63.2)
    FSharp.Compiler.Tools (4.1.27)
    FSharp.Core (4.2.3)
    FSharp.Data (2.4.2)
    FSharp.Data.SqlClient (1.8.2)
    FSharp.NET.Sdk (1.0.5)
      FSharp.Compiler.Tools (>= 4.1.17)
